GEM
  remote: https://rubygems.org/
  remote: https://rails-assets.org/
  specs:
    activemodel (4.2.4)
      activesupport (= 4.2.4)
      builder (~> 3.1)
    activerecord (4.2.4)
      activemodel (= 4.2.4)
      activesupport (= 4.2.4)
      arel (~> 6.0)
    activesupport (4.2.4)
      i18n (~> 0.7)
      json (~> 1.7, >= 1.7.7)
      minitest (~> 5.1)
      thread_safe (~> 0.3, >= 0.3.4)
      tzinfo (~> 1.1)
    arel (6.0.3)
    backports (3.6.6)
    builder (3.2.2)
    haml (4.0.7)
      tilt
    i18n (0.7.0)
    json (1.8.3)
    minitest (5.8.2)
    multi_json (1.11.2)
    rack (1.6.4)
    rack-protection (1.5.3)
      rack
    rack-test (0.6.3)
      rack (>= 1.0)
    rails-assets-bootstrap (3.3.5)
      rails-assets-jquery (>= 1.9.1)
    rails-assets-jquery (2.1.4)
    rake (10.4.2)
    sass (3.4.19)
    sinatra (1.4.6)
      rack (~> 1.4)
      rack-protection (~> 1.4)
      tilt (>= 1.3, < 3)
    sinatra-activerecord (2.0.9)
      activerecord (>= 3.2)
      sinatra (~> 1.0)
    sinatra-contrib (1.4.6)
      backports (>= 2.0)
      multi_json
      rack-protection
      rack-test
      sinatra (~> 1.4.0)
      tilt (>= 1.3, < 3)
    sprockets (3.4.0)
      rack (> 1, < 3)
    sprockets-helpers (1.2.1)
      sprockets (>= 2.2)
    sqlite3 (1.3.11)
    thread_safe (0.3.5)
    tilt (2.0.1)
    tzinfo (1.2.2)
      thread_safe (~> 0.1)

PLATFORMS
  ruby

DEPENDENCIES
  haml
  rails-assets-bootstrap!
  rails-assets-jquery!
  rake
  sass
  sinatra
  sinatra-activerecord
  sinatra-contrib
  sprockets
  sprockets-helpers
  sqlite3
